GEM
  remote: https://rubygems.org/
  specs:
    activesupport (6.1.7.5)
      concurrent-ruby (~> 1.0, >= 1.0.2)
      i18n (>= 1.6, < 2)
      minitest (>= 5.1)
      tzinfo (~> 2.0)
      zeitwerk (~> 2.3)
    addressable (2.8.4)
      public_suffix (>= 2.0.2, < 6.0)
    base64 (0.3.0)
    bigdecimal (3.2.2)
    coffee-script (2.4.1)
      coffee-script-source
      execjs
    coffee-script-source (1.12.2)
    colorator (1.1.0)
    commonmarker (0.23.10)
    concurrent-ruby (1.2.2)
    csv (3.3.5)
    dnsruby (1.61.5)
      simpleidn (~> 0.1)
    em-websocket (0.5.3)
      eventmachine (>= 0.12.9)
      http_parser.rb (~> 0)
    ethon (0.14.0)
      ffi (>= 1.15.0)
    eventmachine (1.2.7)
    execjs (2.8.1)
    faraday (1.4.1)
      faraday-excon (~> 1.1)
      faraday-net_http (~> 1.0)
      faraday-net_http_persistent (~> 1.1)
      multipart-post (>= 1.2, < 3)
      ruby2_keywords (>= 0.0.4)
    faraday-excon (1.1.0)
    faraday-net_http (1.0.1)
    faraday-net_http_persistent (1.1.0)
    ffi (1.15.5)
    forwardable-extended (2.6.0)
    gemoji (3.0.1)
    github-pages (232)
      github-pages-health-check (= 1.18.2)
      jekyll (= 3.10.0)
      jekyll-avatar (= 0.8.0)
      jekyll-coffeescript (= 1.2.2)
      jekyll-commonmark-ghpages (= 0.5.1)
      jekyll-default-layout (= 0.1.5)
      jekyll-feed (= 0.17.0)
      jekyll-gist (= 1.5.0)
      jekyll-github-metadata (= 2.16.1)
      jekyll-include-cache (= 0.2.1)
      jekyll-mentions (= 1.6.0)
      jekyll-optional-front-matter (= 0.3.2)
      jekyll-paginate (= 1.1.0)
      jekyll-readme-index (= 0.3.0)
      jekyll-redirect-from (= 0.16.0)
      jekyll-relative-links (= 0.6.1)
      jekyll-remote-theme (= 0.4.3)
      jekyll-sass-converter (= 1.5.2)
      jekyll-seo-tag (= 2.8.0)
      jekyll-sitemap (= 1.4.0)
      jekyll-swiss (= 1.0.0)
      jekyll-theme-architect (= 0.2.0)
      jekyll-theme-cayman (= 0.2.0)
      jekyll-theme-dinky (= 0.2.0)
      jekyll-theme-hacker (= 0.2.0)
      jekyll-theme-leap-day (= 0.2.0)
      jekyll-theme-merlot (= 0.2.0)
      jekyll-theme-midnight (= 0.2.0)
      jekyll-theme-minimal (= 0.2.0)
      jekyll-theme-modernist (= 0.2.0)
      jekyll-theme-primer (= 0.6.0)
      jekyll-theme-slate (= 0.2.0)
      jekyll-theme-tactile (= 0.2.0)
      jekyll-theme-time-machine (= 0.2.0)
      jekyll-titles-from-headings (= 0.5.3)
      jemoji (= 0.13.0)
      kramdown (= 2.4.0)
      kramdown-parser-gfm (= 1.1.0)
      liquid (= 4.0.4)
      mercenary (~> 0.3)
      minima (= 2.5.1)
      nokogiri (>= 1.16.2, < 2.0)
      rouge (= 3.30.0)
      terminal-table (~> 1.4)
      webrick (~> 1.8)
    github-pages-health-check (1.18.2)
      addressable (~> 2.3)
      dnsruby (~> 1.60)
      octokit (>= 4, < 8)
      public_suffix (>= 3.0, < 6.0)
      typhoeus (~> 1.3)
    html-pipeline (2.14.0)
      activesupport (>= 2)
      nokogiri (>= 1.4)
    http_parser.rb (0.8.0)
    i18n (1.14.7)
      concurrent-ruby (~> 1.0)
    jekyll (3.10.0)
      addressable (~> 2.4)
      colorator (~> 1.0)
      csv (~> 3.0)
      em-websocket (~> 0.5)
      i18n (>= 0.7, < 2)
      jekyll-sass-converter (~> 1.0)
      jekyll-watch (~> 2.0)
      kramdown (>= 1.17, < 3)
      liquid (~> 4.0)
      mercenary (~> 0.3.3)
      pathutil (~> 0.9)
      rouge (>= 1.7, < 4)
      safe_yaml (~> 1.0)
      webrick (>= 1.0)
    jekyll-avatar (0.8.0)
      jekyll (>= 3.0, < 5.0)
    jekyll-coffeescript (1.2.2)
      coffee-script (~> 2.2)
      coffee-script-source (~> 1.12)
    jekyll-commonmark (1.4.0)
      commonmarker (~> 0.22)
    jekyll-commonmark-ghpages (0.5.1)
      commonmarker (>= 0.23.7, < 1.1.0)
      jekyll (>= 3.9, < 4.0)
      jekyll-commonmark (~> 1.4.0)
      rouge (>= 2.0, < 5.0)
    jekyll-default-layout (0.1.5)
      jekyll (>= 3.0, < 5.0)
    jekyll-feed (0.17.0)
      jekyll (>= 3.7, < 5.0)
    jekyll-gist (1.5.0)
      octokit (~> 4.2)
    jekyll-github-metadata (2.16.1)
      jekyll (>= 3.4, < 5.0)
      octokit (>= 4, < 7, != 4.4.0)
    jekyll-include-cache (0.2.1)
      jekyll (>= 3.7, < 5.0)
    jekyll-mentions (1.6.0)
      html-pipeline (~> 2.3)
      jekyll (>= 3.7, < 5.0)
    jekyll-optional-front-matter (0.3.2)
      jekyll (>= 3.0, < 5.0)
    jekyll-paginate (1.1.0)
    jekyll-readme-index (0.3.0)
      jekyll (>= 3.0, < 5.0)
    jekyll-redirect-from (0.16.0)
      jekyll (>= 3.3, < 5.0)
    jekyll-relative-links (0.6.1)
      jekyll (>= 3.3, < 5.0)
    jekyll-remote-theme (0.4.3)
      addressable (~> 2.0)
      jekyll (>= 3.5, < 5.0)
      jekyll-sass-converter (>= 1.0, <= 3.0.0, != 2.0.0)
      rubyzip (>= 1.3.0, < 3.0)
    jekyll-sass-converter (1.5.2)
      sass (~> 3.4)
    jekyll-seo-tag (2.8.0)
      jekyll (>= 3.8, < 5.0)
    jekyll-sitemap (1.4.0)
      jekyll (>= 3.7, < 5.0)
    jekyll-swiss (1.0.0)
    jekyll-theme-architect (0.2.0)
      jekyll (> 3.5, < 5.0)
      jekyll-seo-tag (~> 2.0)
    jekyll-theme-cayman (0.2.0)
      jekyll (> 3.5, < 5.0)
      jekyll-seo-tag (~> 2.0)
    jekyll-theme-dinky (0.2.0)
      jekyll (> 3.5, < 5.0)
      jekyll-seo-tag (~> 2.0)
    jekyll-theme-hacker (0.2.0)
      jekyll (> 3.5, < 5.0)
      jekyll-seo-tag (~> 2.0)
    jekyll-theme-leap-day (0.2.0)
      jekyll (> 3.5, < 5.0)
      jekyll-seo-tag (~> 2.0)
    jekyll-theme-merlot (0.2.0)
      jekyll (> 3.5, < 5.0)
      jekyll-seo-tag (~> 2.0)
    jekyll-theme-midnight (0.2.0)
      jekyll (> 3.5, < 5.0)
      jekyll-seo-tag (~> 2.0)
    jekyll-theme-minimal (0.2.0)
      jekyll (> 3.5, < 5.0)
      jekyll-seo-tag (~> 2.0)
    jekyll-theme-modernist (0.2.0)
      jekyll (> 3.5, < 5.0)
      jekyll-seo-tag (~> 2.0)
    jekyll-theme-primer (0.6.0)
      jekyll (> 3.5, < 5.0)
      jekyll-github-metadata (~> 2.9)
      jekyll-seo-tag (~> 2.0)
    jekyll-theme-slate (0.2.0)
      jekyll (> 3.5, < 5.0)
      jekyll-seo-tag (~> 2.0)
    jekyll-theme-tactile (0.2.0)
      jekyll (> 3.5, < 5.0)
      jekyll-seo-tag (~> 2.0)
    jekyll-theme-time-machine (0.2.0)
      jekyll (> 3.5, < 5.0)
      jekyll-seo-tag (~> 2.0)
    jekyll-titles-from-headings (0.5.3)
      jekyll (>= 3.3, < 5.0)
    jekyll-watch (2.2.1)
      listen (~> 3.0)
    jemoji (0.13.0)
      gemoji (>= 3, < 5)
      html-pipeline (~> 2.2)
      jekyll (>= 3.0, < 5.0)
    kramdown (2.4.0)
      rexml
    kramdown-parser-gfm (1.1.0)
      kramdown (~> 2.0)
    liquid (4.0.4)
    listen (3.8.0)
      rb-fsevent (~> 0.10, >= 0.10.3)
      rb-inotify (~> 0.9, >= 0.9.10)
    mercenary (0.3.6)
    mini_portile2 (2.8.9)
    minima (2.5.1)
      jekyll (>= 3.5, < 5.0)
      jekyll-feed (~> 0.9)
      jekyll-seo-tag (~> 2.1)
    minitest (5.14.4)
    multipart-post (2.1.1)
    nokogiri (1.18.9)
      mini_portile2 (~> 2.8.2)
      racc (~> 1.4)
    octokit (4.21.0)
      faraday (>= 0.9)
      sawyer (~> 0.8.0, >= 0.5.3)
    pathutil (0.16.2)
      forwardable-extended (~> 2.6)
    public_suffix (4.0.7)
    racc (1.6.2)
    rb-fsevent (0.11.2)
    rb-inotify (0.10.1)
      ffi (~> 1.0)
    rexml (3.2.5)
    rouge (3.30.0)
    ruby2_keywords (0.0.4)
    rubyzip (2.3.0)
    safe_yaml (1.0.5)
    sass (3.7.4)
      sass-listen (~> 4.0.0)
    sass-listen (4.0.0)
      rb-fsevent (~> 0.9, >= 0.9.4)
      rb-inotify (~> 0.9, >= 0.9.7)
    sawyer (0.8.2)
      addressable (>= 2.3.5)
      faraday (> 0.8, < 2.0)
    simpleidn (0.2.1)
      unf (~> 0.1.4)
    terminal-table (1.8.0)
      unicode-display_width (~> 1.1, >= 1.1.1)
    typhoeus (1.4.0)
      ethon (>= 0.9.0)
    tzinfo (2.0.6)
      concurrent-ruby (~> 1.0)
    unf (0.1.4)
      unf_ext
    unf_ext (0.0.7.7)
    unicode-display_width (1.7.0)
    webrick (1.9.1)
    zeitwerk (2.4.2)

PLATFORMS
  ruby

DEPENDENCIES
  base64
  bigdecimal (~> 3.1, >= 3.1.9)
  github-pages

CHECKSUMS
  activesupport (6.1.7.5) sha256=8338060ceaecde94af8da659a5ef2d724d9420da55f654ea9dfd9d82baa88052
  addressable (2.8.4) sha256=40a88af5285625b7fb14070e550e667d5b0cc91f748068701b4d897cacda4897
  base64 (0.3.0) sha256=27337aeabad6ffae05c265c450490628ef3ebd4b67be58257393227588f5a97b
  bigdecimal (3.2.2) sha256=39085f76b495eb39a79ce07af716f3a6829bc35eb44f2195e2753749f2fa5adc
  coffee-script (2.4.1) sha256=82fe281e11b93c8117b98c5ea8063e71741870f1c4fbb27177d7d6333dd38765
  coffee-script-source (1.12.2) sha256=e12b16fd8927fbbf8b87cb2e9a85a6cf457c6881cc7ff8b1af15b31f70da07a4
  colorator (1.1.0) sha256=e2f85daf57af47d740db2a32191d1bdfb0f6503a0dfbc8327d0c9154d5ddfc38
  commonmarker (0.23.10) sha256=fdd312ae2bb4071b2f3085d4d7533cb9f8d9057a2eaa0760228a65bc3ed565d1
  concurrent-ruby (1.2.2) sha256=3879119b8b75e3b62616acc256c64a134d0b0a7a9a3fcba5a233025bcde22c4f
  csv (3.3.5) sha256=6e5134ac3383ef728b7f02725d9872934f523cb40b961479f69cf3afa6c8e73f
  dnsruby (1.61.5) sha256=bd7f1b2f187882df38e78fd8f186fda0b5261920d8cef727c88d51872c3ff360
  em-websocket (0.5.3) sha256=f56a92bde4e6cb879256d58ee31f124181f68f8887bd14d53d5d9a292758c6a8
  ethon (0.14.0) sha256=10e267a39d7e2a92d944e5681ba46dbd211b5b5b6cf9b51afb769b8417247ead
  eventmachine (1.2.7) sha256=994016e42aa041477ba9cff45cbe50de2047f25dd418eba003e84f0d16560972
  execjs (2.8.1) sha256=6d939919cfd81bcc4d6556f322c3995a70cfe4289ea0bd3b1f999b489c323088
  faraday (1.4.1) sha256=71c3864e7c2325821c6023bc498d748f6502803c073759fa5450397a4035c460
  faraday-excon (1.1.0) sha256=b055c842376734d7f74350fe8611542ae2000c5387348d9ba9708109d6e40940
  faraday-net_http (1.0.1) sha256=3245ce406ebb77b40e17a77bfa66191dda04be2fd4e13a78d8a4305854d328ba
  faraday-net_http_persistent (1.1.0) sha256=6a2654cac6311421a6d218aaf104bff333425768d025723b19fb1dcacb404c50
  ffi (1.15.5) sha256=6f2ed2fa68047962d6072b964420cba91d82ce6fa8ee251950c17fca6af3c2a0
  forwardable-extended (2.6.0) sha256=1bec948c469bbddfadeb3bd90eb8c85f6e627a412a3e852acfd7eaedbac3ec97
  gemoji (3.0.1) sha256=80553f2f4932a7a95fb1b3c7c63f7dd937e7c8c610164bbdea28fd06eba5f36d
  github-pages (232) sha256=2b40493d7327627e4ce45c47f4a9d4394e5eaa151f9d29bb924ff424c3132287
  github-pages-health-check (1.18.2) sha256=df893d4f5a4161477e8525b993dbe1c1eb63fbb86fb07b6e80996fd37a18843d
  html-pipeline (2.14.0) sha256=c181a8602433e1ca7246e0c6ad46c36653e341f812857109d88f18157eb21a20
  http_parser.rb (0.8.0) sha256=5a0932f1fa82ce08a8516a2685d5a86031c000560f89946913c555a0697544be
  i18n (1.14.7) sha256=ceba573f8138ff2c0915427f1fc5bdf4aa3ab8ae88c8ce255eb3ecf0a11a5d0f
  jekyll (3.10.0) sha256=c4213b761dc7dfe7d499eb742d0476a02d8503e440c2610e19774ee7f0db8d90
  jekyll-avatar (0.8.0) sha256=ea736277c2de54a21300122096700517972a722d5c68ca83f8723b4999abfd4b
  jekyll-coffeescript (1.2.2) sha256=894e71c2071a834e76eb7e8044944440a0c81c2c7092532fed1503b13d331110
  jekyll-commonmark (1.4.0) sha256=1731e658fe09ce040271e6878f83ad45bbf8d17b10ad03bf343546cca30f4844
  jekyll-commonmark-ghpages (0.5.1) sha256=d56722f23393e45625e6e1bac6d3c64bb5f5cdf6ca547338160536d61c27a4a4
  jekyll-default-layout (0.1.5) sha256=c626be4e4a5deafca123539da2cd22ff873be350cafd4da134039efdf24320af
  jekyll-feed (0.17.0) sha256=689aab16c877949bb9e7a5c436de6278318a51ecb974792232fd94d8b3acfcc3
  jekyll-gist (1.5.0) sha256=495b6483552a3e2975a2752964ea7acddd545bc6e13ce2be15a50cec8d4c9f0f
  jekyll-github-metadata (2.16.1) sha256=4cf29988bdaf24774a7bc07fae71e54424ddfaa2895f742d8fa3036d0db65b4c
  jekyll-include-cache (0.2.1) sha256=c7d4b9e551732a27442cb2ce853ba36a2f69c66603694b8c1184c99ab1a1a205
  jekyll-mentions (1.6.0) sha256=39e801024cb6f2319b3f78a29999d0068ef5f68bc5202b8757d5354fef311ed9
  jekyll-optional-front-matter (0.3.2) sha256=ecdc061d711472469fcf04da617653b553e914c038a17df3b6a5f6f92aeb761b
  jekyll-paginate (1.1.0) sha256=880aadf4b02529a93541d508c5cbb744f014cbfc071d0263a31f25ec9066eb64
  jekyll-readme-index (0.3.0) sha256=d74cc4de46b2d350229be7409495149e656a31fb5a5fe3fe6135dbf7435e1e32
  jekyll-redirect-from (0.16.0) sha256=6635cae569ef9b0f90ffb71ec014ba977177fafb44d32a2b0526288d4d9be6db
  jekyll-relative-links (0.6.1) sha256=d11301f57b39e94b6c04fff2a3b145fe2f6a27be631a403e2542fa2e1548dd6d
  jekyll-remote-theme (0.4.3) sha256=d3fde726484fb3df04de9e347baf75aaa3d5bfea771a330412e0c52608e54b40
  jekyll-sass-converter (1.5.2) sha256=53773669e414dc3bb070113befacb808576025a28cfa4a4accc682e90a9c1101
  jekyll-seo-tag (2.8.0) sha256=3f2ed1916d56f14ebfa38e24acde9b7c946df70cb183af2cb5f0598f21ae6818
  jekyll-sitemap (1.4.0) sha256=0de08c5debc185ea5a8f980e1025c7cd3f8e0c35c8b6ef592f15c46235cf4218
  jekyll-swiss (1.0.0) sha256=c299a855dca881fe868f21545c5489be50ddfbc0d54a80e8dbeb5a2ddc4888a3
  jekyll-theme-architect (0.2.0) sha256=7275d3dcaa6b34fcf92f2fe5cee92d49d66706d3b523003b1e67e9c668ff0440
  jekyll-theme-cayman (0.2.0) sha256=3c5f14f9c72a8eb03ecc74f9a3e5ecbbc55f9381339978b42dec216921865f2a
  jekyll-theme-dinky (0.2.0) sha256=720b257091f0de3aa9394b25fd97d1b2b12cfaf00e060aff170f60e218a32c7c
  jekyll-theme-hacker (0.2.0) sha256=816bf9f992ded0b1e1e69d8dece2574e8480efb5e9f84a2e1ac83bd717b8f78a
  jekyll-theme-leap-day (0.2.0) sha256=921ea8305ae0285a881c9aa9dbe2375ed6f404b4f90067458e596891ef5ac7d1
  jekyll-theme-merlot (0.2.0) sha256=cbf2b21b62423561ca5b62e406dbb08f085e3a45daa7b3b4b9b3f24d08ded545
  jekyll-theme-midnight (0.2.0) sha256=009ff367350e83ff6095d98837bb411adb07b59a76f59f1d4a33ef927bb391de
  jekyll-theme-minimal (0.2.0) sha256=a225210c35573ad2c9e57b81f16f678ca6c314394ec692502ccc6189d7e52d82
  jekyll-theme-modernist (0.2.0) sha256=4be775bc5edd53864c5e40c000c34db0dfd82dac800cff50371ef11da66dfbcf
  jekyll-theme-primer (0.6.0) sha256=ce27282798217eb0957ba01ab3bf12996476348b625736fa8448f7a1b8a307b3
  jekyll-theme-slate (0.2.0) sha256=5e40909de712bbbefbc7a29f17c55bffa326c222f0a13ee1656229a7d43c3439
  jekyll-theme-tactile (0.2.0) sha256=b7861b48aed5b2385d7a146b13f31cb6f37afe3107f4a6b93b1c932b2d242652
  jekyll-theme-time-machine (0.2.0) sha256=bc3490a7eccfc24ca671780c9d4f531500936a361690020b19defe6105d74fe2
  jekyll-titles-from-headings (0.5.3) sha256=77366754e361ea7b5d87881f5b1380835f5ce910c240a4d9ac2d7afe86d28481
  jekyll-watch (2.2.1) sha256=bc44ed43f5e0a552836245a54dbff3ea7421ecc2856707e8a1ee203a8387a7e1
  jemoji (0.13.0) sha256=5d4c3e8e2cbbb2b73997c31294f6f70c94e4d4fade039373e86835bcf5529e7c
  kramdown (2.4.0) sha256=b62e5bcbd6ea20c7a6730ebbb2a107237856e14f29cebf5b10c876cc1a2481c5
  kramdown-parser-gfm (1.1.0) sha256=fb39745516427d2988543bf01fc4cf0ab1149476382393e0e9c48592f6581729
  liquid (4.0.4) sha256=4fcfebb1a045e47918388dbb7a0925e7c3893e58d2bd6c3b3c73ec17a2d8fdb3
  listen (3.8.0) sha256=9679040ac6e7845ad9f19cf59ecde60861c78e2fae57a5c20fe35e94959b2f8f
  mercenary (0.3.6) sha256=2a084b18f5692c86a633e185d5311ba6d11fc46c802eb414ae05368178078a82
  mini_portile2 (2.8.9) sha256=0cd7c7f824e010c072e33f68bc02d85a00aeb6fce05bb4819c03dfd3c140c289
  minima (2.5.1) sha256=520e52bc631fb16cbb8100660f6caa44f97859e2fa7e397d508deb18739567be
  minitest (5.14.4) sha256=f4716634d71b3ffb627cd63ba4f6f0f77c7a3f17353b1bdf52c8a7f2e0e4e7a7
  multipart-post (2.1.1) sha256=d2dd7aa957650e0d99e0513cd388401b069f09528441b87d884609c8e94ffcfd
  nokogiri (1.18.9) sha256=ac5a7d93fd0e3cef388800b037407890882413feccca79eb0272a2715a82fa33
  octokit (4.21.0) sha256=4758eb7048241d5ab40644511c83d93b8e08a2c9e060c32d4a1f35445626662a
  pathutil (0.16.2) sha256=e43b74365631cab4f6d5e4228f812927efc9cb2c71e62976edcb252ee948d589
  public_suffix (4.0.7) sha256=8be161e2421f8d45b0098c042c06486789731ea93dc3a896d30554ee38b573b8
  racc (1.6.2) sha256=58d26b3666382396fea84d33dc0639b7ee8d704156a52f8f22681f07b2f94f26
  rb-fsevent (0.11.2) sha256=43900b972e7301d6570f64b850a5aa67833ee7d87b458ee92805d56b7318aefe
  rb-inotify (0.10.1) sha256=050062d4f31d307cca52c3f6a7f4b946df8de25fc4bd373e1a5142e41034a7ca
  rexml (3.2.5) sha256=a33c3bf95fda7983ec7f05054f3a985af41dbc25a0339843bd2479e93cabb123
  rouge (3.30.0) sha256=a3d353222aa72e49e2c86726c0bcfd719f82592f57d494474655f48e669eceb6
  ruby2_keywords (0.0.4) sha256=3ae3189c2e1d2f60204dcceedf890ff49dd28979771e2576016a3ee73b668e97
  rubyzip (2.3.0) sha256=5196155ab0d4060e4b4a482c1c1bd43198149605bd925fee4d40c494afa82015
  safe_yaml (1.0.5) sha256=a6ac2d64b7eb027bdeeca1851fe7e7af0d668e133e8a88066a0c6f7087d9f848
  sass (3.7.4) sha256=808b0d39053aa69068df939e24671fe84fd5a9d3314486e1a1457d0934a4255d
  sass-listen (4.0.0) sha256=ae9dcb76dd3e234329e5ba6e213f48e532c5a3e7b0b4d8a87f13aaca0cc18377
  sawyer (0.8.2) sha256=9f0d3988956cb22667f393a764f17b3b3649eb187b5e25f34005ea3b34642d7b
  simpleidn (0.2.1) sha256=35dda985b761dff5751fefa7fba02e477427c975d47b11c4c4ffaf01afe1c719
  terminal-table (1.8.0) sha256=13371f069af18e9baa4e44d404a4ada9301899ce0530c237ac1a96c19f652294
  typhoeus (1.4.0) sha256=fff9880d5dc35950e7706cf132fd297f377c049101794be1cf01c95567f642d4
  tzinfo (2.0.6) sha256=8daf828cc77bcf7d63b0e3bdb6caa47e2272dcfaf4fbfe46f8c3a9df087a829b
  unf (0.1.4) sha256=4999517a531f2a955750f8831941891f6158498ec9b6cb1c81ce89388e63022e
  unf_ext (0.0.7.7) sha256=e4e9b1f0c48467fa271d53b180f4ace4c0ff88f01a69ae3da2c30038443e8471
  unicode-display_width (1.7.0) sha256=cad681071867a4cf52613412e379e39e85ac72b1d236677a2001187d448b231a
  webrick (1.9.1) sha256=b42d3c94f166f3fb73d87e9b359def9b5836c426fc8beacf38f2184a21b2a989
  zeitwerk (2.4.2) sha256=f4d6279b0ef0cb35c9e1bddbcecd6b148df82f1cf7b8023ac03d6625f567869c

RUBY VERSION
   ruby 3.4.5p51

BUNDLED WITH
   2.7.1
